PATH
  remote: .
  specs:
    groupdocs_signature_cloud (24.11)
      addressable (~> 2.8.4, >= 2.8.4)
      faraday (~> 0.14.0)

GEM
  remote: https://rubygems.org/
  specs:
    addressable (2.8.5)
      public_suffix (>= 2.0.2, < 6.0)
    faraday (0.14.0)
      multipart-post (>= 1.2, < 3)
    minitest (5.11.3)
    multipart-post (2.3.0)
    public_suffix (4.0.7)
    rake (13.0.1)

PLATFORMS
  x64-mingw32

DEPENDENCIES
  groupdocs_signature_cloud!
  minitest (~> 5.11, >= 5.11.3)
  rake (~> 13.0.1)

BUNDLED WITH
   1.16.6
